PATH
  remote: .
  specs:
    enabler (0.0.5)
      redis

GEM
  remote: https://rubygems.org/
  specs:
    diff-lcs (1.2.5)
    mock_redis (0.15.4)
    rake (10.4.2)
    redis (3.2.2)
    rspec (3.4.0)
      rspec-core (~> 3.4.0)
      rspec-expectations (~> 3.4.0)
      rspec-mocks (~> 3.4.0)
    rspec-core (3.4.1)
      rspec-support (~> 3.4.0)
    rspec-expectations (3.4.0)
      diff-lcs (>= 1.2.0, < 2.0)
      rspec-support (~> 3.4.0)
    rspec-mocks (3.4.0)
      diff-lcs (>= 1.2.0, < 2.0)
      rspec-support (~> 3.4.0)
    rspec-support (3.4.1)

PLATFORMS
  ruby

DEPENDENCIES
  bundler (~> 1.6)
  enabler!
  mock_redis
  rake
  rspec

BUNDLED WITH
   1.11.0
