PATH
  remote: .
  specs:
    enabler (0.0.5)
      redis

GEM
  remote: https://rubygems.org/
  specs:
    diff-lcs (1.2.5)
    mock_redis (0.10.0)
    rake (10.1.1)
    redis (3.0.7)
    rspec (2.14.1)
      rspec-core (~> 2.14.0)
      rspec-expectations (~> 2.14.0)
      rspec-mocks (~> 2.14.0)
    rspec-core (2.14.8)
    rspec-expectations (2.14.5)
      diff-lcs (>= 1.1.3, < 2.0)
    rspec-mocks (2.14.6)

PLATFORMS
  ruby

DEPENDENCIES
  bundler (~> 1.6)
  enabler!
  mock_redis
  rake
  rspec
